PATH
  remote: .
  specs:
    manga_downloader (0.0.alpha)

GEM
  remote: http://rubygems.org/
  specs:

PLATFORMS
  ruby

DEPENDENCIES
  manga_downloader!
